PATH
  remote: .
  specs:
    api_consumer_json (0.0.8)
      uber_cache (~> 0.0.2)

GEM
  remote: https://rubygems.org/
  specs:
    dalli (2.7.6)
    fakeweb (1.3.0)
    rspec (0.9.4)
    uber_cache (0.0.2)
      dalli (~> 2.0)

PLATFORMS
  ruby

DEPENDENCIES
  api_consumer_json!
  fakeweb (~> 1.3)
  rspec (~> 0)

BUNDLED WITH
   1.14.6
