PATH
  remote: .
  specs:
    api_consumer_json (0.0.1)
      uber_cache (~> 0.0)

GEM
  remote: https://rubygems.org/
  specs:
    dalli (2.7.4)
    diff-lcs (1.2.5)
    fakeweb (1.3.0)
    rspec (3.0.0)
      rspec-core (~> 3.0.0)
      rspec-expectations (~> 3.0.0)
      rspec-mocks (~> 3.0.0)
    rspec-core (3.0.0)
      rspec-support (~> 3.0.0)
    rspec-expectations (3.0.0)
      diff-lcs (>= 1.2.0, < 2.0)
      rspec-support (~> 3.0.0)
    rspec-mocks (3.0.0)
      rspec-support (~> 3.0.0)
    rspec-support (3.0.0)
    uber_cache (0.0.1)
      dalli (~> 2.0)

PLATFORMS
  ruby

DEPENDENCIES
  api_consumer_json!
  fakeweb (~> 1.3)
  rspec (~> 3.0)

BUNDLED WITH
   1.10.6
